GIT
  remote: git://github.com/dry-rb/dry-web.git
  revision: b695796ab7260cc89adff1349330dc76e8317168
  branch: master
  specs:
    dry-web (0.0.1)
      dry-component (~> 0)
      dry-configurable (~> 0.1)
      dry-equalizer (~> 0.2)
      dry-transaction (~> 0.5)
      dry-view (~> 0.1)
      inflecto (~> 0)
      roda (~> 2.7)
      tilt (~> 2.0)

GEM
  remote: https://rubygems.org/
  specs:
    byebug (8.2.4)
    coderay (1.1.1)
    concurrent-ruby (1.0.1)
    diff-lcs (1.2.5)
    dry-auto_inject (0.2.0)
    dry-component (0.0.1)
      dry-auto_inject (~> 0.1)
      dry-configurable (~> 0.1)
      dry-container (~> 0.2, >= 0.2.7)
      inflecto (>= 0.0.2)
      memoizable (~> 0.4)
    dry-configurable (0.1.4)
      concurrent-ruby (~> 1.0)
    dry-container (0.3.1)
      concurrent-ruby (~> 1.0)
      dry-configurable (~> 0.1, >= 0.1.3)
    dry-equalizer (0.2.0)
    dry-transaction (0.6.0)
      dry-container (>= 0.2.8)
      kleisli
      wisper (>= 1.6.0)
    dry-view (0.1.0)
      dry-configurable (~> 0.1)
      dry-equalizer (~> 0.2)
      inflecto (~> 0)
      tilt (~> 2.0)
    inflecto (0.0.2)
    kleisli (0.2.7)
    memoizable (0.4.2)
      thread_safe (~> 0.3, >= 0.3.1)
    method_source (0.8.2)
    pry (0.10.3)
      coderay (~> 1.1.0)
      method_source (~> 0.8.1)
      slop (~> 3.4)
    pry-byebug (3.3.0)
      byebug (~> 8.0)
      pry (~> 0.10)
    rack (1.6.4)
    rack-test (0.6.3)
      rack (>= 1.0)
    rake (11.1.2)
    roda (2.12.0)
      rack
    rspec (3.4.0)
      rspec-core (~> 3.4.0)
      rspec-expectations (~> 3.4.0)
      rspec-mocks (~> 3.4.0)
    rspec-core (3.4.4)
      rspec-support (~> 3.4.0)
    rspec-expectations (3.4.0)
      diff-lcs (>= 1.2.0, < 2.0)
      rspec-support (~> 3.4.0)
    rspec-mocks (3.4.1)
      diff-lcs (>= 1.2.0, < 2.0)
      rspec-support (~> 3.4.0)
    rspec-support (3.4.1)
    slop (3.6.0)
    thread_safe (0.3.5)
    tilt (2.0.2)
    wisper (1.6.1)

PLATFORMS
  ruby

DEPENDENCIES
  dry-web!
  pry
  pry-byebug
  rack-test
  rake
  rspec

BUNDLED WITH
   1.11.2
